GEM
  remote: http://rubygems.org/
  specs:
    atk (0.90.8)
      glib2 (>= 0.90.8)
    cairo (1.10.0)
      pkg-config
    gdk_pixbuf2 (0.90.8)
      glib2 (>= 0.90.8)
    glib2 (0.90.8)
      pkg-config
    green_shoes (0.221.0)
      gtk2
    gtk2 (0.90.8)
      atk (>= 0.90.8)
      gdk_pixbuf2 (>= 0.90.8)
      pango (>= 0.90.8)
    nokogiri (1.4.4)
    pango (0.90.8)
      cairo (>= 1.10.0)
      glib2 (>= 0.90.8)
    pkg-config (1.1.1)
    w3c_validators (1.1.1)
      nokogiri

PLATFORMS
  ruby

DEPENDENCIES
  green_shoes
  nokogiri
  w3c_validators
